GIT
  remote: git://github.com/next-l/enju_biblio.git
  revision: db95ba03dda95ae754c43fe3485441309bd68a3c
  specs:
    enju_biblio (0.0.1)
      acts_as_list
      addressable
      attribute_normalizer (~> 1.1)
      aws-sdk
      cancan
      configatron
      devise
      dynamic_form
      enju_ndl
      enju_oai
      has_scope
      inherited_resources
      marc
      paper_trail
      paperclip
      paperclip-meta
      rails (~> 3.2)
      simple_form
      state_machine
      sunspot_rails (~> 2.0.0.pre.120417)
      validates_timeliness
      will_paginate

PATH
  remote: .
  specs:
    enju_book_jacket (0.0.1)
      configatron
      rails (~> 3.2)

GEM
  remote: https://rubygems.org/
  specs:
    actionmailer (3.2.5)
      actionpack (= 3.2.5)
      mail (~> 2.4.4)
    actionpack (3.2.5)
      activemodel (= 3.2.5)
      activesupport (= 3.2.5)
      builder (~> 3.0.0)
      erubis (~> 2.7.0)
      journey (~> 1.0.1)
      rack (~> 1.4.0)
      rack-cache (~> 1.2)
      rack-test (~> 0.6.1)
      sprockets (~> 2.1.3)
    activemodel (3.2.5)
      activesupport (= 3.2.5)
      builder (~> 3.0.0)
    activerecord (3.2.5)
      activemodel (= 3.2.5)
      activesupport (= 3.2.5)
      arel (~> 3.0.2)
      tzinfo (~> 0.3.29)
    activeresource (3.2.5)
      activemodel (= 3.2.5)
      activesupport (= 3.2.5)
    activesupport (3.2.5)
      i18n (~> 0.6)
      multi_json (~> 1.0)
    acts_as_list (0.1.6)
    addressable (2.2.8)
    arel (3.0.2)
    attribute_normalizer (1.1.0)
    aws-sdk (1.5.2)
      httparty (~> 0.7)
      json (~> 1.4)
      nokogiri (>= 1.4.4)
      uuidtools (~> 2.1)
    bcrypt-ruby (3.0.1)
    builder (3.0.0)
    cancan (1.6.7)
    cocaine (0.2.1)
    configatron (2.9.1)
      yamler (>= 0.1.0)
    devise (2.1.0)
      bcrypt-ruby (~> 3.0)
      orm_adapter (~> 0.0.7)
      railties (~> 3.1)
      warden (~> 1.1.1)
    diff-lcs (1.1.3)
    dynamic_form (1.1.4)
    enju_ndl (0.0.31)
      acts_as_list
      attribute_normalizer
      devise
      library_stdnums
      library_stdnums
      lisbn
      nokogiri
      rails (~> 3.2)
      sunspot_rails
      sunspot_solr
      will_paginate (~> 3.0)
    enju_oai (0.0.3)
      acts_as_list
      attribute_normalizer (~> 1.1)
      cancan
      configatron
      devise
      friendly_id (~> 4.0)
      mobile-fu
      rails (~> 3.2)
      sunspot_rails
      will_paginate
    erubis (2.7.0)
    friendly_id (4.0.6)
    has_scope (0.5.1)
    hike (1.2.1)
    httparty (0.8.3)
      multi_json (~> 1.0)
      multi_xml
    i18n (0.6.0)
    inherited_resources (1.3.1)
      has_scope (~> 0.5.0)
      responders (~> 0.6)
    journey (1.0.3)
    jquery-rails (2.0.2)
      railties (>= 3.2.0, < 5.0)
      thor (~> 0.14)
    json (1.7.3)
    library_stdnums (1.1.0)
    lisbn (0.1.2)
      nori
    mail (2.4.4)
      i18n (>= 0.4.0)
      mime-types (~> 1.16)
      treetop (~> 1.4.8)
    marc (0.5.0)
    mime-types (1.18)
    mobile-fu (1.1.0)
      rack-mobile-detect
      rails
    multi_json (1.3.6)
    multi_xml (0.5.1)
    nokogiri (1.5.3)
    nori (1.1.0)
    orm_adapter (0.0.7)
    paper_trail (2.6.3)
      activerecord (~> 3.0)
      railties (~> 3.0)
    paperclip (3.0.4)
      activemodel (>= 3.0.0)
      activerecord (>= 3.0.0)
      activesupport (>= 3.0.0)
      cocaine (>= 0.0.2)
      mime-types
    paperclip-meta (0.4.2)
      paperclip
    polyglot (0.3.3)
    pr_geohash (1.0.0)
    rack (1.4.1)
    rack-cache (1.2)
      rack (>= 0.4)
    rack-mobile-detect (0.3.0)
      rack
    rack-ssl (1.3.2)
      rack
    rack-test (0.6.1)
      rack (>= 1.0)
    rails (3.2.5)
      actionmailer (= 3.2.5)
      actionpack (= 3.2.5)
      activerecord (= 3.2.5)
      activeresource (= 3.2.5)
      activesupport (= 3.2.5)
      bundler (~> 1.0)
      railties (= 3.2.5)
    railties (3.2.5)
      actionpack (= 3.2.5)
      activesupport (= 3.2.5)
      rack-ssl (~> 1.3.2)
      rake (>= 0.8.7)
      rdoc (~> 3.4)
      thor (>= 0.14.6, < 2.0)
    rake (0.9.2.2)
    rdoc (3.12)
      json (~> 1.4)
    responders (0.9.1)
      railties (~> 3.1)
    rsolr (1.0.8)
      builder (>= 2.1.2)
    rspec (2.10.0)
      rspec-core (~> 2.10.0)
      rspec-expectations (~> 2.10.0)
      rspec-mocks (~> 2.10.0)
    rspec-core (2.10.1)
    rspec-expectations (2.10.0)
      diff-lcs (~> 1.1.3)
    rspec-mocks (2.10.1)
    rspec-rails (2.10.1)
      actionpack (>= 3.0)
      activesupport (>= 3.0)
      railties (>= 3.0)
      rspec (~> 2.10.0)
    simple_form (2.0.2)
      actionpack (~> 3.0)
      activemodel (~> 3.0)
    sprockets (2.1.3)
      hike (~> 1.2)
      rack (~> 1.0)
      tilt (~> 1.1, != 1.3.0)
    sqlite3 (1.3.6)
    state_machine (1.1.2)
    sunspot (2.0.0.pre.120417)
      pr_geohash (~> 1.0)
      rsolr (~> 1.0.7)
    sunspot_rails (2.0.0.pre.120417)
      nokogiri
      sunspot (= 2.0.0.pre.120417)
    sunspot_solr (1.3.2)
    thor (0.15.2)
    tilt (1.3.3)
    timeliness (0.3.6)
    treetop (1.4.10)
      polyglot
      polyglot (>= 0.3.1)
    tzinfo (0.3.33)
    uuidtools (2.1.2)
    validates_timeliness (3.0.11)
      timeliness (~> 0.3.6)
    vcr (2.2.0)
    warden (1.1.1)
      rack (>= 1.0)
    will_paginate (3.0.3)
    yamler (0.1.0)

PLATFORMS
  ruby

DEPENDENCIES
  enju_biblio!
  enju_book_jacket!
  jquery-rails
  rspec-rails
  sqlite3
  vcr
